PATH
  remote: .
  specs:
    ogs_katacheck (0.1.6)
      faraday

GEM
  remote: https://rubygems.org/
  specs:
    colorize (0.8.1)
    faraday (1.1.0)
      multipart-post (>= 1.2, < 3)
      ruby2_keywords
    multipart-post (2.1.1)
    pastel (0.8.0)
      tty-color (~> 0.5)
    rake (12.3.0)
    ruby2_keywords (0.0.2)
    strings (0.2.0)
      strings-ansi (~> 0.2)
      unicode-display_width (~> 1.5)
      unicode_utils (~> 1.4)
    strings-ansi (0.2.0)
    tty-color (0.5.2)
    tty-screen (0.8.1)
    tty-table (0.12.0)
      pastel (~> 0.8)
      strings (~> 0.2.0)
      tty-screen (~> 0.8)
    unicode-display_width (1.7.0)
    unicode_utils (1.4.0)

PLATFORMS
  ruby

DEPENDENCIES
  colorize
  faraday
  ogs_katacheck!
  rake (~> 12.0)
  tty-table

BUNDLED WITH
   2.1.4
