PATH
  remote: .
  specs:
    ogs_katacheck (0.2.1)
      faraday
      terminal-table

GEM
  remote: https://rubygems.org/
  specs:
    colorize (0.8.1)
    faraday (1.1.0)
      multipart-post (>= 1.2, < 3)
      ruby2_keywords
    multipart-post (2.1.1)
    rake (12.3.0)
    ruby2_keywords (0.0.2)
    terminal-table (1.8.0)
      unicode-display_width (~> 1.1, >= 1.1.1)
    unicode-display_width (1.7.0)

PLATFORMS
  ruby

DEPENDENCIES
  colorize
  faraday
  ogs_katacheck!
  rake (~> 12.0)
  terminal-table

BUNDLED WITH
   2.1.4
